GEM
  remote: https://rubygems.org/
  specs:
    abstract_type (0.0.7)
    actionmailer (4.1.5)
      actionpack (= 4.1.5)
      actionview (= 4.1.5)
      mail (~> 2.5.4)
    actionpack (4.1.5)
      actionview (= 4.1.5)
      activesupport (= 4.1.5)
      rack (~> 1.5.2)
      rack-test (~> 0.6.2)
    actionview (4.1.5)
      activesupport (= 4.1.5)
      builder (~> 3.1)
      erubis (~> 2.7.0)
    activemodel (4.1.5)
      activesupport (= 4.1.5)
      builder (~> 3.1)
    activerecord (4.1.5)
      activemodel (= 4.1.5)
      activesupport (= 4.1.5)
      arel (~> 5.0.0)
    activesupport (4.1.5)
      i18n (~> 0.6, >= 0.6.9)
      json (~> 1.7, >= 1.7.7)
      minitest (~> 5.1)
      thread_safe (~> 0.1)
      tzinfo (~> 1.1)
    adamantium (0.2.0)
      ice_nine (~> 0.11.0)
      memoizable (~> 0.4.0)
    addressable (2.4.0)
    airbrussh (1.0.2)
      sshkit (>= 1.6.1, != 1.7.0)
    arel (5.0.1.20140414130214)
    arrayfields (4.9.2)
    ast (2.3.0)
    bcrypt (3.1.11)
    bootstrap-sass (3.2.0.2)
      sass (~> 3.2)
    builder (3.2.2)
    cane (2.6.2)
      parallel
    capistrano (3.5.0)
      airbrussh (>= 1.0.0)
      capistrano-harrow
      i18n
      rake (>= 10.0.0)
      sshkit (>= 1.9.0)
    capistrano-bundler (1.1.4)
      capistrano (~> 3.1)
      sshkit (~> 1.2)
    capistrano-harrow (0.5.2)
    capistrano-rails (1.1.7)
      capistrano (~> 3.1)
      capistrano-bundler (~> 1.1)
    capistrano-rvm (0.1.2)
      capistrano (~> 3.0)
      sshkit (~> 1.2)
    capybara (2.7.1)
      addressable
      mime-types (>= 1.16)
      nokogiri (>= 1.3.3)
      rack (>= 1.0.0)
      rack-test (>= 0.5.4)
      xpath (~> 2.0)
    childprocess (0.5.9)
      ffi (~> 1.0, >= 1.0.11)
    chronic (0.10.2)
    churn (0.0.35)
      chronic (>= 0.2.3)
      hirb
      json_pure
      main
      rest-client (>= 1.6.0)
      ruby_parser (~> 3.0)
      sexp_processor (~> 4.1)
    climate_control (0.0.3)
      activesupport (>= 3.0)
    cocaine (0.5.8)
      climate_control (>= 0.0.3, < 1.0)
    code_analyzer (0.4.5)
      sexp_processor
    code_metrics (0.1.3)
    codeclimate-test-reporter (0.6.0)
      simplecov (>= 0.7.1, < 1.0.0)
    coderay (1.1.1)
    coffee-rails (4.0.1)
      coffee-script (>= 2.2.0)
      railties (>= 4.0.0, < 5.0)
    coffee-script (2.4.1)
      coffee-script-source
      execjs
    coffee-script-source (1.10.0)
    commonjs (0.2.7)
    concord (0.1.5)
      adamantium (~> 0.2.0)
      equalizer (~> 0.0.9)
    cucumber (2.4.0)
      builder (>= 2.1.2)
      cucumber-core (~> 1.5.0)
      cucumber-wire (~> 0.0.1)
      diff-lcs (>= 1.1.3)
      gherkin (~> 4.0)
      multi_json (>= 1.7.5, < 2.0)
      multi_test (>= 0.1.2)
    cucumber-core (1.5.0)
      gherkin (~> 4.0)
    cucumber-rails (1.4.3)
      capybara (>= 1.1.2, < 3)
      cucumber (>= 1.3.8, < 3)
      mime-types (>= 1.16, < 4)
      nokogiri (~> 1.5)
      railties (>= 3, < 5)
    cucumber-wire (0.0.1)
    database_cleaner (1.5.3)
    diff-lcs (1.2.5)
    docile (1.1.5)
    domain_name (0.5.20160615)
      unf (>= 0.0.5, < 1.0.0)
    equalizer (0.0.11)
    erubis (2.7.0)
    execjs (2.7.0)
    fattr (2.3.0)
    ffi (1.9.10)
    flay (2.8.0)
      erubis (~> 2.7.0)
      path_expander (~> 1.0)
      ruby_parser (~> 3.0)
      sexp_processor (~> 4.0)
    flog (4.4.0)
      path_expander (~> 1.0)
      ruby_parser (~> 3.1, > 3.1.0)
      sexp_processor (~> 4.4)
    gherkin (4.0.0)
    highcharts-rails (4.2.5)
      railties (>= 3.1)
    hike (1.2.3)
    hirb (0.7.3)
    http-cookie (1.0.2)
      domain_name (~> 0.5)
    i18n (0.7.0)
    ice_nine (0.11.2)
    jbuilder (2.5.0)
      activesupport (>= 3.0.0, < 5.1)
      multi_json (~> 1.2)
    jquery-rails (3.1.4)
      railties (>= 3.0, < 5.0)
      thor (>= 0.14, < 2.0)
    json (1.8.3)
    json_pure (1.8.3)
    launchy (2.4.3)
      addressable (~> 2.3)
    less (2.6.0)
      commonjs (~> 0.2.7)
    less-rails (2.7.1)
      actionpack (>= 4.0)
      less (~> 2.6.0)
      sprockets (> 2, < 4)
      tilt
    libv8 (3.16.14.15)
    mail (2.5.4)
      mime-types (~> 1.16)
      treetop (~> 1.4.8)
    main (6.2.0)
      arrayfields (>= 4.7.4)
      chronic (>= 0.6.2)
      fattr (>= 2.2.0)
      map (>= 6.1.0)
    map (6.6.0)
    memoizable (0.4.2)
      thread_safe (~> 0.3, >= 0.3.1)
    metric_fu (4.11.4)
      cane (~> 2.5, >= 2.5.2)
      churn (~> 0.0.35)
      code_metrics (~> 0.1)
      coderay
      flay (~> 2.1, >= 2.0.1)
      flog (~> 4.1, >= 4.1.1)
      launchy (~> 2.0)
      metric_fu-Saikuro (~> 1.1, >= 1.1.3)
      multi_json
      rails_best_practices (~> 1.14, >= 1.14.3)
      redcard
      reek (~> 1.3, >= 1.3.4)
      roodi (~> 3.1)
    metric_fu-Saikuro (1.1.3)
    mime-types (1.25.1)
    mimemagic (0.3.0)
    mini_portile2 (2.1.0)
    minitest (5.9.0)
    multi_json (1.12.1)
    multi_test (0.1.2)
    mysql2 (0.3.21)
    net-scp (1.2.1)
      net-ssh (>= 2.6.5)
    net-ssh (3.2.0)
    netrc (0.11.0)
    nokogiri (1.6.8)
      mini_portile2 (~> 2.1.0)
      pkg-config (~> 1.1.7)
    paperclip (4.3.6)
      activemodel (>= 3.2.0)
      activesupport (>= 3.2.0)
      cocaine (~> 0.5.5)
      mime-types
      mimemagic (= 0.3.0)
    parallel (1.9.0)
    parser (2.2.3.0)
      ast (>= 1.1, < 3.0)
    path_expander (1.0.0)
    pkg-config (1.1.7)
    polyglot (0.3.5)
    procto (0.0.3)
    rack (1.5.5)
    rack-test (0.6.3)
      rack (>= 1.0)
    rails (4.1.5)
      actionmailer (= 4.1.5)
      actionpack (= 4.1.5)
      actionview (= 4.1.5)
      activemodel (= 4.1.5)
      activerecord (= 4.1.5)
      activesupport (= 4.1.5)
      bundler (>= 1.3.0, < 2.0)
      railties (= 4.1.5)
      sprockets-rails (~> 2.0)
    rails_best_practices (1.16.0)
      activesupport
      code_analyzer (>= 0.4.3)
      erubis
      i18n
      json
      require_all
      ruby-progressbar
    railties (4.1.5)
      actionpack (= 4.1.5)
      activesupport (= 4.1.5)
      rake (>= 0.8.7)
      thor (>= 0.18.1, < 2.0)
    rainbow (2.1.0)
    rake (11.2.2)
    rdoc (4.2.2)
      json (~> 1.4)
    redcard (1.1.0)
    reek (1.6.2)
      parser (~> 2.2.0.pre.7)
      rainbow (>= 1.99, < 3.0)
      unparser (= 0.1.16)
    ref (2.0.0)
    require_all (1.3.3)
    rest-client (1.8.0)
      http-cookie (>= 1.0.2, < 2.0)
      mime-types (>= 1.16, < 3.0)
      netrc (~> 0.7)
    roodi (3.3.1)
      ruby_parser (~> 3.2, >= 3.2.2)
    ruby-progressbar (1.8.1)
    ruby_parser (3.8.2)
      sexp_processor (~> 4.1)
    rubyzip (1.2.0)
    sass (3.2.19)
    sass-rails (4.0.5)
      railties (>= 4.0.0, < 5.0)
      sass (~> 3.2.2)
      sprockets (~> 2.8, < 3.0)
      sprockets-rails (~> 2.0)
    sdoc (0.4.1)
      json (~> 1.7, >= 1.7.7)
      rdoc (~> 4.0)
    selenium-webdriver (2.53.4)
      childprocess (~> 0.5)
      rubyzip (~> 1.0)
      websocket (~> 1.0)
    sexp_processor (4.7.0)
    simplecov (0.11.2)
      docile (~> 1.1.0)
      json (~> 1.8)
      simplecov-html (~> 0.10.0)
    simplecov-html (0.10.0)
    spring (1.7.1)
    sprockets (2.12.4)
      hike (~> 1.2)
      multi_json (~> 1.0)
      rack (~> 1.0)
      tilt (~> 1.1, != 1.3.0)
    sprockets-rails (2.3.3)
      actionpack (>= 3.0)
      activesupport (>= 3.0)
      sprockets (>= 2.8, < 4.0)
    sshkit (1.11.1)
      net-scp (>= 1.1.2)
      net-ssh (>= 2.8.0)
    therubyracer (0.12.2)
      libv8 (~> 3.16.14.0)
      ref
    thor (0.19.1)
    thread_safe (0.3.5)
    tilt (1.4.1)
    treetop (1.4.15)
      polyglot
      polyglot (>= 0.3.1)
    turbolinks (2.5.3)
      coffee-rails
    twitter-bootstrap-rails (3.2.2)
      actionpack (>= 3.1)
      execjs (>= 2.2.2, >= 2.2)
      less-rails (>= 2.5.0)
      railties (>= 3.1)
    tzinfo (1.2.2)
      thread_safe (~> 0.1)
    uglifier (3.0.0)
      execjs (>= 0.3.0, < 3)
    unf (0.1.4)
      unf_ext
    unf_ext (0.0.7.2)
    unparser (0.1.16)
      abstract_type (~> 0.0.7)
      adamantium (~> 0.2.0)
      concord (~> 0.1.5)
      equalizer (~> 0.0.9)
      parser (~> 2.2.0.pre.7)
      procto (~> 0.0.2)
    valid_email (0.0.7)
      activemodel
      mail
    websocket (1.2.3)
    xpath (2.0.0)
      nokogiri (~> 1.3)

PLATFORMS
  ruby

DEPENDENCIES
  bcrypt (~> 3.1.7)
  bootstrap-sass (~> 3.2.0)
  capistrano
  capistrano-bundler
  capistrano-rails
  capistrano-rvm
  capybara
  codeclimate-test-reporter
  coffee-rails (~> 4.0.0)
  cucumber-rails
  database_cleaner
  highcharts-rails
  jbuilder (~> 2.0)
  jquery-rails
  less-rails
  metric_fu (~> 4.11.1)
  mysql2 (~> 0.3.18)
  paperclip (~> 4.2)
  rails (= 4.1.5)
  sass-rails (~> 4.0.3)
  sdoc (~> 0.4.0)
  selenium-webdriver
  simplecov
  spring
  therubyracer
  turbolinks
  twitter-bootstrap-rails
  uglifier (>= 1.3.0)
  valid_email

BUNDLED WITH
   1.12.4
